GEM
  remote: https://rubygems.org/
  specs:
    haml (4.0.7)
      tilt
    leaflet_helper (0.7.7.0)
    puma (3.4.0)
    rack (1.6.4)
    rack-protection (1.5.3)
      rack
    sinatra (1.4.7)
      rack (~> 1.5)
      rack-protection (~> 1.4)
      tilt (>= 1.3, < 3)
    sinatra-partial (1.0.0)
      sinatra (~> 1.4)
    tilt (2.0.5)

PLATFORMS
  ruby

DEPENDENCIES
  haml
  leaflet_helper
  puma
  sinatra
  sinatra-partial

RUBY VERSION
   ruby 2.3.1p112

BUNDLED WITH
   1.12.5
